GEM
  remote: http://rubygems.org/
  specs:
    daemons (1.2.6)
    eventmachine (1.2.7)
    rack (1.6.10)
    rack-rewrite (1.5.1)
    rake (12.3.1)
    sinatra (1.2.6)
      rack (~> 1.1)
      tilt (>= 1.2.2, < 2.0)
    thin (1.7.2)
      daemons (~> 1.0, >= 1.0.9)
      eventmachine (~> 1.0, >= 1.0.4)
      rack (>= 1, < 3)
    tilt (1.4.1)

PLATFORMS
  ruby

DEPENDENCIES
  rack
  rack-rewrite
  rake
  sinatra (= 1.2.6)
  thin

BUNDLED WITH
   1.11.2
